PATH
  remote: .
  specs:
    open_api-toolkit (0.1.0)
      mime-types
      mimemagic
      multi_json

GEM
  remote: https://rubygems.org/
  specs:
    diff-lcs (1.5.0)
    mime-types (3.4.1)
      mime-types-data (~> 3.2015)
    mime-types-data (3.2023.0218.1)
    mimemagic (0.4.3)
      nokogiri (~> 1)
      rake
    multi_json (1.15.0)
    nokogiri (1.15.2-x86_64-darwin)
      racc (~> 1.4)
    racc (1.7.1)
    rake (13.0.6)
    rspec (3.12.0)
      rspec-core (~> 3.12.0)
      rspec-expectations (~> 3.12.0)
      rspec-mocks (~> 3.12.0)
    rspec-core (3.12.2)
      rspec-support (~> 3.12.0)
    rspec-expectations (3.12.3)
      diff-lcs (>= 1.2.0, < 2.0)
      rspec-support (~> 3.12.0)
    rspec-mocks (3.12.5)
      diff-lcs (>= 1.2.0, < 2.0)
      rspec-support (~> 3.12.0)
    rspec-support (3.12.1)
    yard (0.9.34)

PLATFORMS
  x86_64-darwin-20

DEPENDENCIES
  bundler (~> 2.0)
  open_api-toolkit!
  rake (~> 13.0)
  rspec (~> 3.0)
  yard

BUNDLED WITH
   2.4.15
